FRAMEWORK: NET45
NUGET
  remote: https://www.nuget.org/api/v2
    CommonServiceLocator (1.3)
    JetBrains.Annotations (10.2.1)
    Munq.IocContainer (3.1.6)
    Prism.Core (6.2)
    Prism.Wpf (6.2)
      CommonServiceLocator (>= 1.3)
      Prism.Core (>= 6.2)

GROUP Build
NUGET
  remote: https://www.nuget.org/api/v2
    FAKE (4.45.3)

GROUP Test
FRAMEWORK: NET45
NUGET
  remote: https://www.nuget.org/api/v2
    Castle.Core (3.3.3)
    Moq (4.5.28)
      Castle.Core (>= 3.3.3)
    NUnit (3.5)
    NUnit.Console (3.5)
      NUnit.ConsoleRunner (>= 3.5)
      NUnit.Extension.NUnitProjectLoader (>= 3.5)
      NUnit.Extension.NUnitV2Driver (>= 3.5)
      NUnit.Extension.NUnitV2ResultWriter (>= 3.5)
      NUnit.Extension.TeamCityEventListener (>= 1.0.2)
      NUnit.Extension.VSProjectLoader (>= 3.5)
    NUnit.ConsoleRunner (3.5)
    NUnit.Extension.NUnitProjectLoader (3.5)
    NUnit.Extension.NUnitV2Driver (3.5)
    NUnit.Extension.NUnitV2ResultWriter (3.5)
    NUnit.Extension.TeamCityEventListener (1.0.2)
    NUnit.Extension.VSProjectLoader (3.5)
    Shouldly (2.8.2)
