FRAMEWORK: >= NET45
NUGET
  remote: https://www.nuget.org/api/v2
    Castle.Core (3.3.3)
    CommonServiceLocator (1.3)
    Moq (4.5.23)
      Castle.Core (>= 3.3.3)
    Munq.IocContainer (3.1.6)
    Prism.Core (6.2)
    Prism.Wpf (6.2)
      CommonServiceLocator (>= 1.3)
      Prism.Core (>= 6.2)
    xunit (2.1)
      xunit.assert (2.1)
      xunit.core (2.1)
    xunit.abstractions (2.0)
    xunit.assert (2.1)
    xunit.core (2.1)
      xunit.extensibility.core (2.1)
      xunit.extensibility.execution (2.1)
    xunit.extensibility.core (2.1)
      xunit.abstractions (2.0)
    xunit.extensibility.execution (2.1)
      xunit.extensibility.core (2.1)

GROUP Build
NUGET
  remote: https://www.nuget.org/api/v2
    FAKE (4.45.1)
